GIT
  remote: https://github.com/remi/indifferent-variable-hash
  revision: 9090c89e59e42e090d527cda5ec0c054bd30c78a
  specs:
    indifferent-variable-hash (0.1.0)

GEM
  remote: https://rubygems.org/
  specs:
    actionmailer (2.3.4)
      actionpack (= 2.3.4)
    actionpack (2.3.4)
      activesupport (= 2.3.4)
      rack (~> 1.0.0)
    activerecord (2.3.4)
      activesupport (= 2.3.4)
    activerecord-mysql2-adapter (0.0.3)
      mysql2
    activeresource (2.3.4)
      activesupport (= 2.3.4)
    activesupport (2.3.4)
    biodiversity (0.7.3)
      json
      treetop
    biodiversity19 (0.7.3)
      treetop
    capybara (0.3.9)
      culerity (>= 0.2.4)
      mime-types (>= 1.16)
      nokogiri (>= 1.3.3)
      rack (>= 1.0.0)
      rack-test (>= 0.5.4)
      selenium-webdriver (>= 0.0.3)
    childprocess (0.2.2)
      ffi (~> 1.0.6)
    columnize (0.3.4)
    culerity (0.2.15)
    eol_rackbox (1.1.7)
    eol_scenarios (0.3.4)
    factory_girl (2.1.2)
      activesupport
    faker (1.0.1)
      i18n (~> 0.4)
    ffi (1.0.9)
    haml (3.1.3)
    i18n (0.6.0)
    json (1.6.1)
    json_pure (1.6.1)
    kgio (2.10.0)
    linecache (0.46)
      rbx-require-relative (> 0.0.4)
    mime-types (1.17.2)
    mysql2 (0.4.2)
    newrelic_rpm (3.1.2)
    nokogiri (1.5.0)
    polyglot (0.3.2)
    rack (1.0.1)
    rack-test (0.6.1)
      rack (>= 1.0)
    rails (2.3.4)
      actionmailer (= 2.3.4)
      actionpack (= 2.3.4)
      activerecord (= 2.3.4)
      activeresource (= 2.3.4)
      activesupport (= 2.3.4)
      rake (>= 0.8.3)
    raindrops (0.15.0)
    rake (0.9.2)
    rbx-require-relative (0.0.5)
    rmagick (2.13.2)
    rspec (1.3.2)
    rspec-rails (1.3.4)
      rack (>= 1.0.0)
      rspec (~> 1.3.1)
    ruby-debug (0.10.4)
      columnize (>= 0.1)
      ruby-debug-base (~> 0.10.4.0)
    ruby-debug-base (0.10.4)
      linecache (>= 0.3)
    rubyzip (0.9.4)
    sass (3.1.8)
    selenium-webdriver (2.10.0)
      childprocess (>= 0.2.1)
      ffi (= 1.0.9)
      json_pure
      rubyzip
    taxamatch_rb (0.7.6)
      biodiversity (~> 0.7.3)
      biodiversity19 (~> 0.7.3)
    treetop (1.4.10)
      polyglot
      polyglot (>= 0.3.1)
    unicorn (4.9.0)
      kgio (~> 2.6)
      rack
      raindrops (~> 0.7)
    will_paginate (3.0.2)

PLATFORMS
  ruby

DEPENDENCIES
  activerecord-mysql2-adapter
  biodiversity (>= 0.7.3)
  capybara (= 0.3.9)
  eol_rackbox
  eol_scenarios
  factory_girl
  faker
  haml
  indifferent-variable-hash!
  json
  newrelic_rpm
  nokogiri
  rails (= 2.3.4)
  rmagick (~> 2.13.2)
  rspec (~> 1.3.0)
  rspec-rails (~> 1.3.2)
  ruby-debug
  sass
  taxamatch_rb (>= 0.6.4)
  unicorn (= 4.9.0)
  will_paginate (>= 2.3.2)

BUNDLED WITH
   1.11.2
